STORAGE: NONE
RESTRICTION: == net7.0
NUGET
  remote: https://api.nuget.org/v3/index.json
    AngleSharp (1.0.4)
      System.Text.Encoding.CodePages (>= 7.0)
    Autofac (7.1)
      System.Diagnostics.DiagnosticSource (>= 4.7.1)
    Autofac.Extensions.DependencyInjection (8.0)
      Autofac (>= 6.4)
      Microsoft.Extensions.DependencyInjection.Abstractions (>= 6.0)
    Catalyst (1.0.39645)
      HtmlAgilityPack (>= 1.11.48)
      MessagePack (>= 2.5.124)
      Microsoft.ML (>= 2.0.1)
      Microsoft.Recognizers.Text.DateTime (>= 1.8.8)
      Mosaik.Core (>= 0.0.23249)
      System.Memory (>= 4.5.5)
      System.Numerics.Vectors (>= 4.5)
      System.Runtime.Serialization.Primitives (>= 4.3)
      System.ValueTuple (>= 4.5)
    Catalyst.Models.English (1.0.30952)
      Catalyst (>= 1.0.30950)
    HtmlAgilityPack (1.11.51)
    Humanizer.Core (2.14.1)
    JetBrains.Annotations (2023.2)
    MessagePack (2.5.124)
      MessagePack.Annotations (>= 2.5.124)
      Microsoft.NET.StringTools (>= 17.6.3)
      System.Runtime.CompilerServices.Unsafe (>= 6.0)
    MessagePack.Annotations (2.5.124)
    Microsoft.CSharp (4.7)
    Microsoft.Extensions.Caching.Abstractions (7.0)
      Microsoft.Extensions.Primitives (>= 7.0)
    Microsoft.Extensions.Caching.Memory (7.0)
      Microsoft.Extensions.Caching.Abstractions (>= 7.0)
      Microsoft.Extensions.DependencyInjection.Abstractions (>= 7.0)
      Microsoft.Extensions.Logging.Abstractions (>= 7.0)
      Microsoft.Extensions.Options (>= 7.0)
      Microsoft.Extensions.Primitives (>= 7.0)
    Microsoft.Extensions.DependencyInjection.Abstractions (7.0)
    Microsoft.Extensions.Logging.Abstractions (7.0.1)
    Microsoft.Extensions.Options (7.0.1)
      Microsoft.Extensions.DependencyInjection.Abstractions (>= 7.0)
      Microsoft.Extensions.Primitives (>= 7.0)
    Microsoft.Extensions.Primitives (7.0)
    Microsoft.ML (2.0.1)
      Microsoft.ML.CpuMath (>= 2.0.1)
      Microsoft.ML.DataView (>= 2.0.1)
      Newtonsoft.Json (>= 13.0.1)
      System.CodeDom (>= 4.5)
      System.Collections.Immutable (>= 1.5)
      System.Memory (>= 4.5.3)
      System.Reflection.Emit.Lightweight (>= 4.3)
      System.Threading.Channels (>= 4.7.1)
    Microsoft.ML.CpuMath (2.0.1)
    Microsoft.ML.DataView (2.0.1)
      System.Collections.Immutable (>= 1.5)
      System.Memory (>= 4.5.3)
    Microsoft.NET.StringTools (17.6.3)
    Microsoft.NETCore.Platforms (7.0.4)
    Microsoft.NETCore.Targets (5.0)
    Microsoft.Recognizers.Definitions (1.8.8)
    Microsoft.Recognizers.Text (1.8.8)
      Microsoft.Extensions.Caching.Memory (>= 2.2)
      NuGet.CommandLine (>= 5.9.3)
      System.Collections.Immutable (>= 1.7.1)
      System.ValueTuple (>= 4.5)
      vswhere (>= 2.8.4)
    Microsoft.Recognizers.Text.DataTypes.TimexExpression (1.8.8)
    Microsoft.Recognizers.Text.DateTime (1.8.8)
      Microsoft.Recognizers.Definitions (>= 1.8.8)
      Microsoft.Recognizers.Text (>= 1.8.8)
      Microsoft.Recognizers.Text.DataTypes.TimexExpression (>= 1.8.8)
      Microsoft.Recognizers.Text.Number (>= 1.8.8)
      Microsoft.Recognizers.Text.NumberWithUnit (>= 1.8.8)
    Microsoft.Recognizers.Text.Number (1.8.8)
      Microsoft.Recognizers.Definitions (>= 1.8.8)
      Microsoft.Recognizers.Text (>= 1.8.8)
    Microsoft.Recognizers.Text.NumberWithUnit (1.8.8)
      Microsoft.Recognizers.Definitions (>= 1.8.8)
      Microsoft.Recognizers.Text (>= 1.8.8)
      Microsoft.Recognizers.Text.Number (>= 1.8.8)
    Mosaik.Core (0.0.23249)
      MessagePack (>= 2.3.85)
      Microsoft.CSharp (>= 4.7)
      Microsoft.Extensions.Logging.Abstractions (>= 2.1.1)
      Newtonsoft.Json (>= 13.0.1)
      Nito.AsyncEx (>= 5.1.2)
      SharpZipLib.NETStandard (>= 1.0.7)
      System.Memory (>= 4.5.4)
      System.Numerics.Vectors (>= 4.5)
      System.Text.Json (>= 6.0)
    NETStandard.Library (2.0.3)
      Microsoft.NETCore.Platforms (>= 1.1)
    Newtonsoft.Json (13.0.3)
    Nito.AsyncEx (5.1.2)
      Nito.AsyncEx.Context (>= 5.1.2)
      Nito.AsyncEx.Coordination (>= 5.1.2)
      Nito.AsyncEx.Interop.WaitHandles (>= 5.1.2)
      Nito.AsyncEx.Oop (>= 5.1.2)
      Nito.AsyncEx.Tasks (>= 5.1.2)
      Nito.Cancellation (>= 1.1.2)
    Nito.AsyncEx.Context (5.1.2)
      Nito.AsyncEx.Tasks (>= 5.1.2)
    Nito.AsyncEx.Coordination (5.1.2)
      Nito.AsyncEx.Tasks (>= 5.1.2)
      Nito.Collections.Deque (>= 1.1.1)
    Nito.AsyncEx.Interop.WaitHandles (5.1.2)
      Nito.AsyncEx.Tasks (>= 5.1.2)
    Nito.AsyncEx.Oop (5.1.2)
      Nito.AsyncEx.Coordination (>= 5.1.2)
    Nito.AsyncEx.Tasks (5.1.2)
      Nito.Disposables (>= 2.2.1)
    Nito.Cancellation (1.1.2)
      Nito.Disposables (>= 2.2.1)
    Nito.Collections.Deque (1.1.1)
    Nito.Disposables (2.4)
      System.Collections.Immutable (>= 1.5)
    NLog (5.2.3)
    NuGet.CommandLine (6.6.1)
    SharpZipLib.NETStandard (1.0.7)
      NETStandard.Library (>= 1.6.1)
    System.CodeDom (7.0)
    System.Collections.Immutable (7.0)
    System.Diagnostics.DiagnosticSource (7.0.2)
    System.Globalization (4.3)
      Microsoft.NETCore.Platforms (>= 1.1)
      Microsoft.NETCore.Targets (>= 1.1)
      System.Runtime (>= 4.3)
    System.IO (4.3)
      Microsoft.NETCore.Platforms (>= 1.1)
      Microsoft.NETCore.Targets (>= 1.1)
      System.Runtime (>= 4.3)
      System.Text.Encoding (>= 4.3)
      System.Threading.Tasks (>= 4.3)
    System.Memory (4.5.5)
    System.Numerics.Vectors (4.5)
    System.Reactive (6.0)
    System.Reactive.Linq (6.0)
      System.Reactive (>= 6.0)
      System.Threading.Tasks.Extensions (>= 4.5.4)
    System.Reflection (4.3)
      Microsoft.NETCore.Platforms (>= 1.1)
      Microsoft.NETCore.Targets (>= 1.1)
      System.IO (>= 4.3)
      System.Reflection.Primitives (>= 4.3)
      System.Runtime (>= 4.3)
    System.Reflection.Emit.Lightweight (4.7)
    System.Reflection.Primitives (4.3)
      Microsoft.NETCore.Platforms (>= 1.1)
      Microsoft.NETCore.Targets (>= 1.1)
      System.Runtime (>= 4.3)
    System.Resources.ResourceManager (4.3)
      Microsoft.NETCore.Platforms (>= 1.1)
      Microsoft.NETCore.Targets (>= 1.1)
      System.Globalization (>= 4.3)
      System.Reflection (>= 4.3)
      System.Runtime (>= 4.3)
    System.Runtime (4.3.1)
      Microsoft.NETCore.Platforms (>= 1.1.1)
      Microsoft.NETCore.Targets (>= 1.1.3)
    System.Runtime.CompilerServices.Unsafe (6.0)
    System.Runtime.Serialization.Primitives (4.3)
      System.Resources.ResourceManager (>= 4.3)
      System.Runtime (>= 4.3)
    System.Text.Encoding (4.3)
      Microsoft.NETCore.Platforms (>= 1.1)
      Microsoft.NETCore.Targets (>= 1.1)
      System.Runtime (>= 4.3)
    System.Text.Encoding.CodePages (7.0)
    System.Text.Encodings.Web (7.0)
    System.Text.Json (7.0.3)
      System.Text.Encodings.Web (>= 7.0)
    System.Threading.Channels (7.0)
    System.Threading.Tasks (4.3)
      Microsoft.NETCore.Platforms (>= 1.1)
      Microsoft.NETCore.Targets (>= 1.1)
      System.Runtime (>= 4.3)
    System.Threading.Tasks.Extensions (4.5.4)
    System.ValueTuple (4.5)
    vswhere (3.1.7)

GROUP _UI
STORAGE: NONE
RESTRICTION: == net7.0
NUGET
  remote: https://api.nuget.org/v3/index.json
    CommunityToolkit.Maui (5.2)
      CommunityToolkit.Maui.Core (>= 5.2)
    CommunityToolkit.Maui.Core (5.2)
    DynamicData (7.14.2)
      System.Reactive (>= 6.0)
    Fody (6.8)
    ReactiveUI (19.4.1)
      DynamicData (>= 7.14.2)
      Splat (>= 14.6.37)
    ReactiveUI.Fody (19.4.1)
      Fody (>= 6.8)
      ReactiveUI (>= 19.4.1)
    ReactiveUI.Maui (19.4.1)
      ReactiveUI (>= 19.4.1)
    Splat (14.7.1)
    System.Reactive (6.0)
