STORAGE: NONE
RESTRICTION: == net9.0
NUGET
  remote: https://api.nuget.org/v3/index.json
    AngleSharp (1.1.2)
      System.Text.Encoding.CodePages (>= 8.0)
    Autofac (8.1.1)
      System.Diagnostics.DiagnosticSource (>= 8.0.1)
    Autofac.Extensions.DependencyInjection (10.0)
      Autofac (>= 8.1)
      Microsoft.Extensions.DependencyInjection.Abstractions (>= 8.0.1)
    Catalyst (1.0.51118)
      HtmlAgilityPack (>= 1.11.62)
      MessagePack (>= 2.5.172)
      Microsoft.ML (>= 3.0.1)
      Microsoft.Recognizers.Text.DateTime (>= 1.8.8)
      Mosaik.Core (>= 24.8.51112)
      System.Memory (>= 4.5.5)
      System.Numerics.Vectors (>= 4.5)
      System.Runtime.Serialization.Primitives (>= 4.3)
      System.ValueTuple (>= 4.5)
    Catalyst.Models.English (1.0.30952)
      Catalyst (>= 1.0.30950)
    HtmlAgilityPack (1.11.71)
    Humanizer.Core (2.14.1)
    JetBrains.Annotations (2024.3)
    MessagePack (2.5.192)
      MessagePack.Annotations (>= 2.5.192)
      Microsoft.NET.StringTools (>= 17.6.3)
    MessagePack.Annotations (2.5.192)
    Microsoft.CSharp (4.7)
    Microsoft.Extensions.Caching.Abstractions (7.0)
      Microsoft.Extensions.Primitives (>= 7.0)
    Microsoft.Extensions.Caching.Memory (7.0)
      Microsoft.Extensions.Caching.Abstractions (>= 7.0)
      Microsoft.Extensions.DependencyInjection.Abstractions (>= 7.0)
      Microsoft.Extensions.Logging.Abstractions (>= 7.0)
      Microsoft.Extensions.Options (>= 7.0)
      Microsoft.Extensions.Primitives (>= 7.0)
    Microsoft.Extensions.DependencyInjection.Abstractions (9.0)
    Microsoft.Extensions.Logging.Abstractions (9.0)
      Microsoft.Extensions.DependencyInjection.Abstractions (>= 9.0)
    Microsoft.Extensions.Options (9.0)
      Microsoft.Extensions.DependencyInjection.Abstractions (>= 9.0)
      Microsoft.Extensions.Primitives (>= 9.0)
    Microsoft.Extensions.Primitives (9.0)
    Microsoft.ML (3.0.1)
      Microsoft.ML.CpuMath (>= 3.0.1)
      Microsoft.ML.DataView (>= 3.0.1)
      Newtonsoft.Json (>= 13.0.1)
      System.CodeDom (>= 4.5)
      System.Collections.Immutable (>= 1.5)
      System.Memory (>= 4.5.5)
      System.Reflection.Emit.Lightweight (>= 4.3)
      System.Threading.Channels (>= 4.7.1)
    Microsoft.ML.CpuMath (4.0)
      System.Numerics.Tensors (>= 8.0)
    Microsoft.ML.DataView (3.0.1)
      System.Collections.Immutable (>= 1.5)
      System.Memory (>= 4.5.5)
    Microsoft.NET.StringTools (17.6.3)
    Microsoft.NETCore.Platforms (7.0.4)
    Microsoft.NETCore.Targets (5.0)
    Microsoft.Recognizers.Definitions (1.8.8)
    Microsoft.Recognizers.Text (1.8.8)
      Microsoft.Extensions.Caching.Memory (>= 2.2)
      NuGet.CommandLine (>= 5.9.3)
      System.Collections.Immutable (>= 1.7.1)
      System.ValueTuple (>= 4.5)
      vswhere (>= 2.8.4)
    Microsoft.Recognizers.Text.DataTypes.TimexExpression (1.8.8)
    Microsoft.Recognizers.Text.DateTime (1.8.8)
      Microsoft.Recognizers.Definitions (>= 1.8.8)
      Microsoft.Recognizers.Text (>= 1.8.8)
      Microsoft.Recognizers.Text.DataTypes.TimexExpression (>= 1.8.8)
      Microsoft.Recognizers.Text.Number (>= 1.8.8)
      Microsoft.Recognizers.Text.NumberWithUnit (>= 1.8.8)
    Microsoft.Recognizers.Text.Number (1.8.8)
      Microsoft.Recognizers.Definitions (>= 1.8.8)
      Microsoft.Recognizers.Text (>= 1.8.8)
    Microsoft.Recognizers.Text.NumberWithUnit (1.8.8)
      Microsoft.Recognizers.Definitions (>= 1.8.8)
      Microsoft.Recognizers.Text (>= 1.8.8)
      Microsoft.Recognizers.Text.Number (>= 1.8.8)
    Mosaik.Core (24.9.51621)
      MessagePack (>= 2.5.172)
      Microsoft.CSharp (>= 4.7)
      Microsoft.Extensions.Logging.Abstractions (>= 2.1.1)
      Newtonsoft.Json (>= 13.0.3)
      Nito.AsyncEx (>= 5.1.2)
      System.Memory (>= 4.5.5)
      System.Numerics.Vectors (>= 4.5)
      System.Text.Json (>= 8.0.4)
    Newtonsoft.Json (13.0.3)
    Nito.AsyncEx (5.1.2)
      Nito.AsyncEx.Context (>= 5.1.2)
      Nito.AsyncEx.Coordination (>= 5.1.2)
      Nito.AsyncEx.Interop.WaitHandles (>= 5.1.2)
      Nito.AsyncEx.Oop (>= 5.1.2)
      Nito.AsyncEx.Tasks (>= 5.1.2)
      Nito.Cancellation (>= 1.1.2)
    Nito.AsyncEx.Context (5.1.2)
      Nito.AsyncEx.Tasks (>= 5.1.2)
    Nito.AsyncEx.Coordination (5.1.2)
      Nito.AsyncEx.Tasks (>= 5.1.2)
      Nito.Collections.Deque (>= 1.1.1)
    Nito.AsyncEx.Interop.WaitHandles (5.1.2)
      Nito.AsyncEx.Tasks (>= 5.1.2)
    Nito.AsyncEx.Oop (5.1.2)
      Nito.AsyncEx.Coordination (>= 5.1.2)
    Nito.AsyncEx.Tasks (5.1.2)
      Nito.Disposables (>= 2.2.1)
    Nito.Cancellation (1.1.2)
      Nito.Disposables (>= 2.2.1)
    Nito.Collections.Deque (1.1.1)
    Nito.Disposables (2.4)
      System.Collections.Immutable (>= 1.5)
    NLog (5.3.4)
    NuGet.CommandLine (6.6.1)
    System.CodeDom (7.0)
    System.Collections.Immutable (7.0)
    System.Diagnostics.DiagnosticSource (9.0)
    System.Globalization (4.3)
      Microsoft.NETCore.Platforms (>= 1.1)
      Microsoft.NETCore.Targets (>= 1.1)
      System.Runtime (>= 4.3)
    System.IO (4.3)
      Microsoft.NETCore.Platforms (>= 1.1)
      Microsoft.NETCore.Targets (>= 1.1)
      System.Runtime (>= 4.3)
      System.Text.Encoding (>= 4.3)
      System.Threading.Tasks (>= 4.3)
    System.Memory (4.5.5)
    System.Numerics.Tensors (9.0)
    System.Numerics.Vectors (4.5)
    System.Reactive (6.0.1)
    System.Reactive.Linq (6.0.1)
      System.Reactive (>= 6.0.1)
      System.Threading.Tasks.Extensions (>= 4.5.4)
    System.Reflection (4.3)
      Microsoft.NETCore.Platforms (>= 1.1)
      Microsoft.NETCore.Targets (>= 1.1)
      System.IO (>= 4.3)
      System.Reflection.Primitives (>= 4.3)
      System.Runtime (>= 4.3)
    System.Reflection.Emit.Lightweight (4.7)
    System.Reflection.Primitives (4.3)
      Microsoft.NETCore.Platforms (>= 1.1)
      Microsoft.NETCore.Targets (>= 1.1)
      System.Runtime (>= 4.3)
    System.Resources.ResourceManager (4.3)
      Microsoft.NETCore.Platforms (>= 1.1)
      Microsoft.NETCore.Targets (>= 1.1)
      System.Globalization (>= 4.3)
      System.Reflection (>= 4.3)
      System.Runtime (>= 4.3)
    System.Runtime (4.3.1)
      Microsoft.NETCore.Platforms (>= 1.1.1)
      Microsoft.NETCore.Targets (>= 1.1.3)
    System.Runtime.Serialization.Primitives (4.3)
      System.Resources.ResourceManager (>= 4.3)
      System.Runtime (>= 4.3)
    System.Text.Encoding (4.3)
      Microsoft.NETCore.Platforms (>= 1.1)
      Microsoft.NETCore.Targets (>= 1.1)
      System.Runtime (>= 4.3)
    System.Text.Encoding.CodePages (9.0)
    System.Text.Json (9.0)
    System.Threading.Channels (7.0)
    System.Threading.Tasks (4.3)
      Microsoft.NETCore.Platforms (>= 1.1)
      Microsoft.NETCore.Targets (>= 1.1)
      System.Runtime (>= 4.3)
    System.Threading.Tasks.Extensions (4.5.4)
    System.ValueTuple (4.5)
    vswhere (3.1.7)

GROUP _Console
STORAGE: NONE
RESTRICTION: == net9.0
NUGET
  remote: https://api.nuget.org/v3/index.json
    CommandLineParser (2.9.1)
    Spectre.Console (0.49.1)
    Spectre.Console.Cli (0.49.1)
      Spectre.Console (>= 0.49.1)
